GEM
  remote: https://rubygems.org/
  specs:
    nio4r (2.5.8)
    puma (6.0.2)
      nio4r (~> 2.0)
    rack (3.0.4.1)
    rake (13.0.6)

PLATFORMS
  x86_64-linux

DEPENDENCIES
  puma
  rack
  rake

BUNDLED WITH
   2.3.7
